REDIRECTS: ON
NUGET
  remote: http://www.nuget.org/api/v2
    FAKE (4.62.5)
    FsCheck (2.6)
      FSharp.Core (>= 3.1.2.5)
    FSharp.Charting (0.90.14)
    FSharp.Compiler.Service (2.0.0.6)
    FSharp.Core (4.0.0.1)
    FSharp.Formatting (2.14.4)
      FSharp.Compiler.Service (2.0.0.6)
      FSharpVSPowerTools.Core (>= 2.3 < 2.4)
    FSharpVSPowerTools.Core (2.3)
      FSharp.Compiler.Service (>= 2.0.0.3)
    FsUnit (2.3.1)
      FSharp.Core (>= 3.1.2.5)
      NUnit (3.4.1)
    Microsoft.Bcl (1.1.10) - restriction: && (< net45) (< win8) (< portable-win81+wpa81)
      Microsoft.Bcl.Build (>= 1.0.14)
    Microsoft.Bcl.Build (1.0.21) - import_targets: false, restriction: && (< net45) (< win8) (< portable-win81+wpa81)
    Microsoft.Net.Http (2.2.29) - restriction: && (< net45) (< win8) (< portable-win81+wpa81)
      Microsoft.Bcl (>= 1.1.10)
      Microsoft.Bcl.Build (>= 1.0.14)
    Nancy (1.4.3)
    Nancy.Hosting.Self (1.4.1)
      Nancy (>= 1.4.1)
    NuGet.CommandLine (3.4.3)
    NUnit (3.4.1)
    NUnit.ConsoleRunner (3.4.1)
    NUnit.Extension.NUnitProjectLoader (3.4.1)
    NUnit.Extension.NUnitV2Driver (3.4.1)
    NUnit.Extension.NUnitV2ResultWriter (3.4.1)
    NUnit.Extension.TeamCityEventListener (1.0.1)
    NUnit.Extension.VSProjectLoader (3.4.1)
    NUnit.Runners (3.4.1)
      NUnit.ConsoleRunner (>= 3.4.1)
      NUnit.Extension.NUnitProjectLoader (>= 3.4.1)
      NUnit.Extension.NUnitV2Driver (>= 3.4.1)
      NUnit.Extension.NUnitV2ResultWriter (>= 3.4.1)
      NUnit.Extension.TeamCityEventListener (>= 1.0.1)
      NUnit.Extension.VSProjectLoader (>= 3.4.1)
    Octokit (0.21.1)
      Microsoft.Net.Http  - restriction: && (< net45) (< win8) (< portable-win81+wpa81)
    SourceLink.Fake (1.1)
    Zlib.Portable (1.11)
GITHUB
  remote: fsharp/FAKE
    modules/Octokit/Octokit.fsx (395ce583e1261e08848e9492ba42a5c1203511bc)
      Octokit (>= 0.20)
  remote: fsprojects/FSharp.TypeProviders.StarterPack
    src/AssemblyReader.fs (1dab4f94411500794342f61f877feab772e5a754)
    src/AssemblyReaderReflection.fs (1dab4f94411500794342f61f877feab772e5a754)
    src/ProvidedTypes.fs (1dab4f94411500794342f61f877feab772e5a754)
    src/ProvidedTypes.fsi (1dab4f94411500794342f61f877feab772e5a754)
    src/ProvidedTypesContext.fs (1dab4f94411500794342f61f877feab772e5a754)
    src/ProvidedTypesTesting.fs (1dab4f94411500794342f61f877feab772e5a754)